GEM
  remote: http://rubygems.org/
  specs:
    rack (1.2.1)
    sinatra (1.1.2)
      rack (~> 1.1)
      tilt (~> 1.2)
    tilt (1.2.2)
    yajl-ruby (0.7.9)

PLATFORMS
  ruby

DEPENDENCIES
  sinatra
  yajl-ruby
