GEM
  remote: http://rubygems.org/
  specs:
    mustermann (1.0.1)
    rack (2.0.3)
    rack-contrib (2.0.0)
      rack (~> 2.0)
    rack-protection (2.0.0)
      rack
    sinatra (2.0.0)
      mustermann (~> 1.0)
      rack (~> 2.0)
      rack-protection (= 2.0.0)
      tilt (~> 2.0)
    tilt (2.0.8)
    yajl-ruby (1.3.1)

PLATFORMS
  ruby

DEPENDENCIES
  rack-contrib
  sinatra
  yajl-ruby

BUNDLED WITH
   1.14.6
